GIT
  remote: git://github.com/karolsarnacki/ruby-proxifier.git
  revision: 5d91c25aedf85aac4a3e383e67f152416d79a597
  branch: master
  specs:
    proxifier (1.0.4)

GEM
  remote: https://rubygems.org/
  specs:
    daemon-spawn (0.4.2)
    dnsruby (1.59.3)
    email_verifier (0.1.0)
      dnsruby (>= 1.5)
    redis (3.3.1)
    redis-namespace (1.5.2)
      redis (~> 3.0, >= 3.0.4)
    ruby-progressbar (1.8.1)

PLATFORMS
  ruby

DEPENDENCIES
  daemon-spawn
  email_verifier
  proxifier!
  redis
  redis-namespace
  ruby-progressbar

BUNDLED WITH
   1.12.1
